GEM
  remote: https://rubygems.org/
  specs:
    activesupport (4.2.0.beta2)
      i18n (>= 0.7.0.beta1, < 0.8)
      json (~> 1.7, >= 1.7.7)
      minitest (~> 5.1)
      thread_safe (~> 0.1)
      tzinfo (~> 1.1)
    ast (2.0.0)
    astrolabe (1.3.0)
      parser (>= 2.2.0.pre.3, < 3.0)
    diff-lcs (1.2.5)
    i18n (0.7.0.beta1)
    json (1.8.1)
    minitest (5.4.2)
    parser (2.2.0.pre.6)
      ast (>= 1.1, < 3.0)
      slop (~> 3.4, >= 3.4.5)
    rainbow (2.0.0)
    rspec (3.1.0)
      rspec-core (~> 3.1.0)
      rspec-expectations (~> 3.1.0)
      rspec-mocks (~> 3.1.0)
    rspec-core (3.1.7)
      rspec-support (~> 3.1.0)
    rspec-expectations (3.1.2)
      diff-lcs (>= 1.2.0, < 2.0)
      rspec-support (~> 3.1.0)
    rspec-mocks (3.1.3)
      rspec-support (~> 3.1.0)
    rspec-support (3.1.2)
    slop (3.6.0)
    thread_safe (0.3.4)
    transpec (2.3.7)
      activesupport (>= 3.0, < 5.0)
      astrolabe (~> 1.2)
      bundler (~> 1.3)
      json (~> 1.8)
      parser (>= 2.2.0.pre.3, < 3.0)
      rainbow (>= 1.99.1, < 3.0)
    tzinfo (1.2.2)
      thread_safe (~> 0.1)

PLATFORMS
  ruby

DEPENDENCIES
  rspec
  transpec
